PATH
  remote: .
  specs:
    newsjournal (0.1.0)
      awesome_print
      colorize
      httparty
      launchy
      nokogiri
      progress_bar

GEM
  remote: https://rubygems.org/
  specs:
    addressable (2.6.0)
      public_suffix (>= 2.0.2, < 4.0)
    awesome_print (1.8.0)
    coderay (1.1.2)
    colorize (0.8.1)
    diff-lcs (1.3)
    highline (2.0.2)
    httparty (0.17.0)
      mime-types (~> 3.0)
      multi_xml (>= 0.5.2)
    launchy (2.4.3)
      addressable (~> 2.3)
    method_source (0.9.2)
    mime-types (3.2.2)
      mime-types-data (~> 3.2015)
    mime-types-data (3.2019.0331)
    mini_portile2 (2.4.0)
    multi_xml (0.6.0)
    nokogiri (1.10.3)
      mini_portile2 (~> 2.4.0)
    options (2.3.2)
    progress_bar (1.3.0)
      highline (>= 1.6, < 3)
      options (~> 2.3.0)
    pry (0.12.2)
      coderay (~> 1.1.0)
      method_source (~> 0.9.0)
    public_suffix (3.1.0)
    rake (10.5.0)
    rspec (3.8.0)
      rspec-core (~> 3.8.0)
      rspec-expectations (~> 3.8.0)
      rspec-mocks (~> 3.8.0)
    rspec-core (3.8.0)
      rspec-support (~> 3.8.0)
    rspec-expectations (3.8.4)
      diff-lcs (>= 1.2.0, < 2.0)
      rspec-support (~> 3.8.0)
    rspec-mocks (3.8.0)
      diff-lcs (>= 1.2.0, < 2.0)
      rspec-support (~> 3.8.0)
    rspec-support (3.8.2)

PLATFORMS
  ruby

DEPENDENCIES
  awesome_print
  bundler (~> 1.17)
  colorize
  httparty
  launchy
  newsjournal!
  nokogiri
  progress_bar
  pry
  rake (~> 10.0)
  rspec (~> 3.0)

BUNDLED WITH
   1.17.3
